GEM
  remote: https://rubygems.org/
  specs:
    addressable (2.3.6)
    excon (0.44.1)
    launchy (2.4.3)
      addressable (~> 2.3)
    little-plugger (1.1.3)
    logging (1.8.2)
      little-plugger (>= 1.1.3)
      multi_json (>= 1.8.4)
    multi_json (1.10.1)
    rack (1.6.0)
    rack-protection (1.5.3)
      rack
    sinatra (1.4.5)
      rack (~> 1.4)
      rack-protection (~> 1.4)
      tilt (~> 1.3, >= 1.3.4)
    stickler (2.4.1)
      addressable (~> 2.3)
      excon (~> 0.37)
      logging (~> 1.8)
      sinatra (~> 1.4)
      trollop (~> 2.0)
    tilt (1.4.1)
    trollop (2.1.1)

PLATFORMS
  ruby

DEPENDENCIES
  launchy
  stickler
